GIT
  remote: git://github.com/chetan/bixby-api_pool.git
  revision: ec9949bfdc6a7676468e69dd6e2307efc04ca962
  specs:
    bixby-api_pool (0.2.1)
      bixby-common
      net-http-persistent

GIT
  remote: git://github.com/chetan/continuum.git
  revision: 1b4a491c3e6233da6d19199e6c958ef267793533
  specs:
    continuum (0.2)
      multi_json
      rake

GIT
  remote: git://github.com/chetan/logging-rails.git
  revision: abffe13dd89df6ea0216c1e2729500a205697a3a
  branch: bixby
  specs:
    logging-rails (0.4.0)
      logging (~> 1.8)

GIT
  remote: git://github.com/chetan/micron.git
  revision: 8f77a07ebba2fc995d868fd43bd6aacf05480014
  specs:
    micron (0.5.1)
      ansi
      easycov
      hitimes

GIT
  remote: git://github.com/chetan/simplecov-console.git
  revision: c32de9d0bddd971e71472d0139e1dadd085f1a87
  specs:
    simplecov-console (0.2.0)
      ansi
      hirb
      simplecov

GIT
  remote: git://github.com/chetan/test_guard.git
  revision: 178e47e2e57dc83060d6cabc18f206916b9d02f2
  specs:
    test_guard (0.2.1)
      awesome_print
      easycov
      growl
      listen
      simplecov
      simplecov-console

GIT
  remote: git://github.com/socialcast/delete_paranoid.git
  revision: f882d4062ab51d520f8c63bbfac5ef02ad869cce
  specs:
    delete_paranoid (2.0.0)
      activerecord

GEM
  remote: https://rubygems.org/
  specs:
    actionmailer (4.2.3)
      actionpack (= 4.2.3)
      actionview (= 4.2.3)
      activejob (= 4.2.3)
      mail (~> 2.5, >= 2.5.4)
      rails-dom-testing (~> 1.0, >= 1.0.5)
    actionpack (4.2.3)
      actionview (= 4.2.3)
      activesupport (= 4.2.3)
      rack (~> 1.6)
      rack-test (~> 0.6.2)
      rails-dom-testing (~> 1.0, >= 1.0.5)
      rails-html-sanitizer (~> 1.0, >= 1.0.2)
    actionview (4.2.3)
      activesupport (= 4.2.3)
      builder (~> 3.1)
      erubis (~> 2.7.0)
      rails-dom-testing (~> 1.0, >= 1.0.5)
      rails-html-sanitizer (~> 1.0, >= 1.0.2)
    activejob (4.2.3)
      activesupport (= 4.2.3)
      globalid (>= 0.3.0)
    activemodel (4.2.3)
      activesupport (= 4.2.3)
      builder (~> 3.1)
    activerecord (4.2.3)
      activemodel (= 4.2.3)
      activesupport (= 4.2.3)
      arel (~> 6.0)
    activerecord-jdbc-adapter (1.3.14)
      activerecord (>= 2.2)
    activerecord-jdbcmysql-adapter (1.3.14)
      activerecord-jdbc-adapter (~> 1.3.14)
      jdbc-mysql (>= 5.1.22)
    activerecord-jdbcpostgresql-adapter (1.3.14)
      activerecord-jdbc-adapter (~> 1.3.14)
      jdbc-postgres (>= 9.1)
    activerecord-jdbcsqlite3-adapter (1.3.14)
      activerecord-jdbc-adapter (~> 1.3.14)
      jdbc-sqlite3 (>= 3.7.2, < 3.9)
    activerecord-session_store (0.1.1)
      actionpack (>= 4.0.0, < 5)
      activerecord (>= 4.0.0, < 5)
      railties (>= 4.0.0, < 5)
    activesupport (4.2.3)
      i18n (~> 0.7)
      json (~> 1.7, >= 1.7.7)
      minitest (~> 5.1)
      thread_safe (~> 0.3, >= 0.3.4)
      tzinfo (~> 1.1)
    acts-as-taggable-on (3.4.3)
      activerecord (>= 3.2, < 5)
    acts_as_tree (2.1.0)
      activerecord (>= 3.0.0)
    addressable (2.3.6)
    annotate (2.6.5)
      activerecord (>= 2.3.0)
      rake (>= 0.8.7)
    ansi (1.5.0)
    arel (6.0.0)
    attr_encrypted (1.3.3)
      encryptor (>= 1.3.0)
    autoprefixer-rails (5.0.0.3)
      execjs
      json
    awesome_print (1.6.1)
    bahia (0.7.2)
      open4 (~> 1.3.0)
    better_errors (2.1.1)
      coderay (>= 1.0.0)
      erubis (>= 2.6.6)
      rack (>= 0.9.0)
    binding_of_caller (0.7.2)
      debug_inspector (>= 0.0.1)
    bitfields (0.5.2)
    bixby-auth (0.1.1)
    bixby-common (0.7.1)
      bixby-auth (~> 0.1)
      faye-websocket (~> 0.7)
      httpi (~> 2.1)
      logging (~> 1.8)
      multi_json (~> 1.8)
      semver2 (~> 3.3)
    bootstrap-sass (3.3.4.1)
      autoprefixer-rails (>= 5.0.0.1)
      sass (>= 3.2.19)
    brakeman (3.0.1)
      erubis (~> 2.6)
      fastercsv (~> 1.5)
      haml (>= 3.0, < 5.0)
      highline (~> 1.6.20)
      multi_json (~> 1.2)
      ruby2ruby (~> 2.1.1)
      ruby_parser (~> 3.5.0)
      sass (~> 3.0)
      terminal-table (~> 1.4)
    bson (2.3.0)
    bson (2.3.0-java)
    builder (3.2.2)
    bullet (4.14.2)
      activesupport (>= 3.0.0)
      uniform_notifier (>= 1.6.0)
    byebug (3.5.1)
      columnize (~> 0.8)
      debugger-linecache (~> 1.2)
      slop (~> 3.6)
    cane (2.6.2)
      parallel
    capistrano (3.4.0)
      i18n
      rake (>= 10.0.0)
      sshkit (~> 1.3)
    capistrano-bundler (1.1.4)
      capistrano (~> 3.1)
      sshkit (~> 1.2)
    capistrano-friday (0.1.0)
      capistrano (~> 3.0)
      colorize
    capistrano-rails (1.1.3)
      capistrano (~> 3.1)
      capistrano-bundler (~> 1.1)
    capistrano-rails-console (0.5.2)
      capistrano (>= 3.0.0, < 4.0.0)
    celluloid (0.16.0)
      timers (~> 4.0.0)
    chronic (0.10.2)
    chronic_duration (0.10.6)
      numerizer (~> 0.1.1)
    coderay (1.1.0)
    coffee-rails-source-maps (1.4.0)
      coffee-script-source (>= 1.6.1)
    coffee-script (2.3.0)
      coffee-script-source
      execjs
    coffee-script-source (1.8.0)
    colorize (0.7.7)
    columnize (0.9.0)
    connection_pool (2.2.0)
    coveralls (0.7.3)
      multi_json (~> 1.10)
      rest-client (~> 1.7)
      simplecov (~> 0.9.1)
      term-ansicolor (~> 1.3)
      thor (~> 0.19.1)
    crack (0.4.2)
      safe_yaml (~> 1.0.0)
    css_parser (1.3.5)
      addressable
    database_cleaner (1.4.0)
    debug_inspector (0.0.2)
    debugger-linecache (1.2.0)
    did_you_mean (0.9.6)
      interception
    did_you_mean (0.9.6-java)
      interception
    docile (1.1.5)
    easycov (0.4.0)
      multi_json
      simplecov
      simplecov-console
      simplecov-html
    em-hiredis (0.3.0)
      eventmachine (~> 1.0)
      hiredis (~> 0.5.0)
    encryptor (1.3.0)
    erubis (2.7.0)
    eventmachine (1.0.7)
    eventmachine (1.0.7-java)
    exception_notification (4.0.1)
      actionmailer (>= 3.0.4)
      activesupport (>= 3.0.4)
    execjs (2.2.2)
    factory_girl (4.5.0)
      activesupport (>= 3.0.0)
    factory_girl_rails (4.5.0)
      factory_girl (~> 4.5.0)
      railties (>= 3.0.0)
    fastercsv (1.5.5)
    faye-websocket (0.9.2)
      eventmachine (>= 0.12.0)
      websocket-driver (>= 0.5.1)
    ffi (1.9.6)
    ffi (1.9.6-java)
    ffi-compiler (0.1.3)
      ffi (>= 1.0.0)
      rake
    font-awesome-rails (4.3.0.0)
      railties (>= 3.2, < 5.0)
    git (1.2.9.1)
    github-markdown (0.6.8)
    globalid (0.3.5)
      activesupport (>= 4.1.0)
    growl (1.0.3)
    haml (4.0.6)
      tilt
    haml_assets (0.2.2)
      haml
      tilt
    highline (1.6.21)
    hirb (0.7.3)
    hiredis (0.5.2)
    hiredis (0.5.2-java)
    hitimes (1.2.2)
    hitimes (1.2.2-java)
    httpi (2.4.1)
      rack
    i18n (0.7.0)
    immigrant (0.2.0)
      activerecord (>= 3.0)
    interception (0.5)
    jdbc-mysql (5.1.33)
    jdbc-postgres (9.3.1102)
    jdbc-sqlite3 (3.8.7)
    json (1.8.3)
    json (1.8.3-java)
    jwt (1.0.0)
    kaminari (0.16.2)
      actionpack (>= 3.0.0)
      activesupport (>= 3.0.0)
    launchy (2.4.3)
      addressable (~> 2.3)
    launchy (2.4.3-java)
      addressable (~> 2.3)
      spoon (~> 0.0.1)
    letter_opener (1.3.0)
      launchy (~> 2.2)
    libv8 (3.16.14.7)
    listen (2.8.5)
      celluloid (>= 0.15.2)
      rb-fsevent (>= 0.9.3)
      rb-inotify (>= 0.9)
    little-plugger (1.1.3)
    logging (1.8.2)
      little-plugger (>= 1.1.3)
      multi_json (>= 1.8.4)
    lograge (0.3.1)
      actionpack (>= 3)
      activesupport (>= 3)
      railties (>= 3)
    loofah (2.0.2)
      nokogiri (>= 1.5.9)
    mail (2.6.3)
      mime-types (>= 1.16, < 3)
    marco-polo (1.2.1)
    metaclass (0.0.4)
    method_source (0.8.2)
    mime-types (2.6.1)
    mini_portile (0.6.2)
    minitest (5.7.0)
    mixlib-shellout (2.1.0)
    mocha (1.1.0)
      metaclass (~> 0.0.1)
    mock_redis (0.14.0)
    mongoid (4.0.1)
      activemodel (~> 4.0)
      moped (~> 2.0.0)
      origin (~> 2.1)
      tzinfo (>= 0.3.37)
    mono_logger (1.1.0)
    moped (2.0.3)
      bson (~> 2.2)
      connection_pool (~> 2.0)
      optionable (~> 0.2.0)
    multi_json (1.11.1)
    mysql2 (0.3.17)
    net-http-persistent (2.9.4)
    net-scp (1.2.1)
      net-ssh (>= 2.6.5)
    net-ssh (2.9.2)
    netrc (0.10.2)
    newrelic-middleware (1.1.0)
      newrelic_rpm
    newrelic-redis (1.5.0)
      newrelic_rpm (~> 3.0)
      redis (< 4.0)
    newrelic_moped (0.0.12)
      moped
      newrelic_rpm (~> 3.0, >= 3.7)
    newrelic_rpm (3.9.9.275)
    nokogiri (1.6.6.2)
      mini_portile (~> 0.6.0)
    nokogiri (1.6.6.2-java)
    numerizer (0.1.1)
    oj (2.11.4)
    open4 (1.3.4)
    optionable (0.2.0)
    origin (2.1.1)
    parallel (1.3.3)
    parse-cron (0.1.4)
    pg (0.18.1)
    pony (1.11)
      mail (>= 2.0)
    pretender (0.1.0)
    pry (0.10.1)
      coderay (~> 1.1.0)
      method_source (~> 0.8.1)
      slop (~> 3.4)
    pry (0.10.1-java)
      coderay (~> 1.1.0)
      method_source (~> 0.8.1)
      slop (~> 3.4)
      spoon (~> 0.0)
    pry-byebug (2.0.0)
      byebug (~> 3.4)
      pry (~> 0.10)
    pry-rails (0.3.2)
      pry (>= 0.9.10)
    psych (2.0.12)
    puma (2.11.0)
      rack (>= 1.1, < 2.0)
    puma (2.11.0-java)
      rack (>= 1.1, < 2.0)
    quiet_assets (1.1.0)
      railties (>= 3.1, < 5.0)
    rack (1.6.4)
    rack-health (0.1.2)
      rack (>= 1.2.0)
    rack-protection (1.5.3)
      rack
    rack-test (0.6.3)
      rack (>= 1.0)
    rails (4.2.3)
      actionmailer (= 4.2.3)
      actionpack (= 4.2.3)
      actionview (= 4.2.3)
      activejob (= 4.2.3)
      activemodel (= 4.2.3)
      activerecord (= 4.2.3)
      activesupport (= 4.2.3)
      bundler (>= 1.3.0, < 2.0)
      railties (= 4.2.3)
      sprockets-rails
    rails-deprecated_sanitizer (1.0.3)
      activesupport (>= 4.2.0.alpha)
    rails-dom-testing (1.0.6)
      activesupport (>= 4.2.0.beta, < 5.0)
      nokogiri (~> 1.6.0)
      rails-deprecated_sanitizer (>= 1.0.1)
    rails-html-sanitizer (1.0.2)
      loofah (~> 2.0)
    railties (4.2.3)
      actionpack (= 4.2.3)
      activesupport (= 4.2.3)
      rake (>= 0.8.7)
      thor (>= 0.18.1, < 2.0)
    rake (10.4.2)
    rake-hooks (1.2.3)
      rake
    rb-fchange (0.0.6)
      ffi
    rb-fsevent (0.9.4)
    rb-inotify (0.9.5)
      ffi (>= 0.5.0)
    redcarpet (3.2.2)
    redis (3.2.1)
    redis-namespace (1.5.2)
      redis (~> 3.0, >= 3.0.4)
    ref (1.0.5)
    request_store (1.1.0)
    responders (2.1.0)
      railties (>= 4.2.0, < 5)
    resque (1.25.2)
      mono_logger (~> 1.0)
      multi_json (~> 1.0)
      redis-namespace (~> 1.3)
      sinatra (>= 0.9.2)
      vegas (~> 0.1.2)
    resque-scheduler (4.0.0)
      mono_logger (~> 1.0)
      redis (~> 3.0)
      resque (~> 1.25)
      rufus-scheduler (~> 3.0)
    rest-client (1.7.2)
      mime-types (>= 1.16, < 3.0)
      netrc (~> 0.7)
    roadie (3.0.2)
      css_parser (~> 1.3.4)
      nokogiri (~> 1.6.0)
    roadie-rails (1.0.4)
      rails (>= 3.0, < 4.3)
      roadie (~> 3.0)
    rotp (2.1.0)
    ruby-termios (0.9.6)
    ruby2ruby (2.1.3)
      ruby_parser (~> 3.1)
      sexp_processor (~> 4.0)
    ruby_parser (3.5.0)
      sexp_processor (~> 4.1)
    rufus-scheduler (3.0.9)
      tzinfo
    rvm1-capistrano3 (1.3.2.2)
      capistrano (~> 3.0)
      sshkit (>= 1.2)
    safe_yaml (1.0.4)
    sass (3.4.10)
    sass-rails (5.0.1)
      railties (>= 4.0.0, < 5.0)
      sass (~> 3.1)
      sprockets (>= 2.8, < 4.0)
      sprockets-rails (>= 2.0, < 4.0)
      tilt (~> 1.1)
    scrypt (2.0.0)
      ffi-compiler (>= 0.0.2)
      rake
    secure_headers (2.0.0)
    semver2 (3.4.2)
    sexp_processor (4.4.5)
    sextant (0.2.4)
      rails (>= 3.2)
    sidekiq (3.3.4)
      celluloid (>= 0.16.0)
      connection_pool (>= 2.1.1)
      json
      redis (>= 3.0.6)
      redis-namespace (>= 1.3.1)
    simplecov (0.9.2)
      docile (~> 1.1.0)
      multi_json (~> 1.0)
      simplecov-html (~> 0.9.0)
    simplecov-html (0.9.0)
    sinatra (1.4.5)
      rack (~> 1.4)
      rack-protection (~> 1.4)
      tilt (~> 1.3, >= 1.3.4)
    slop (3.6.0)
    spoon (0.0.4)
      ffi
    sprockets (3.2.0)
      rack (~> 1.0)
    sprockets-jst-str (1.0.0)
      sprockets (>= 2.0.3)
      tilt (>= 1.3.3)
    sprockets-rails (2.3.2)
      actionpack (>= 3.0)
      activesupport (>= 3.0)
      sprockets (>= 2.8, < 4.0)
    sqlite3 (1.3.10)
    sshkey (1.6.1)
    sshkit (1.7.1)
      colorize (>= 0.7.0)
      net-scp (>= 1.1.2)
      net-ssh (>= 2.8.0)
    term-ansicolor (1.3.0)
      tins (~> 1.0)
    terminal-table (1.4.5)
    therubyracer (0.12.1)
      libv8 (~> 3.16.14.0)
      ref
    therubyrhino (2.0.4)
      therubyrhino_jar (>= 1.7.3)
    therubyrhino_jar (1.7.4)
    thor (0.19.1)
    thread_safe (0.3.5)
    thread_safe (0.3.5-java)
    tilt (1.4.1)
    timers (4.0.1)
      hitimes
    tins (1.3.3)
    twilio-ruby (3.14.4)
      builder (>= 2.1.2)
      jwt (~> 1.0.0)
      multi_json (>= 1.3.0)
    tzinfo (1.2.2)
      thread_safe (~> 0.1)
    uglifier (2.7.0)
      execjs (>= 0.3.0)
      json (>= 1.8.0)
    uniform_notifier (1.6.2)
    vegas (0.1.11)
      rack (>= 1.0.0)
    webmock (1.20.4)
      addressable (>= 2.3.6)
      crack (>= 0.3.2)
    websocket-driver (0.5.4)
      websocket-extensions (>= 0.1.0)
    websocket-driver (0.5.4-java)
      websocket-extensions (>= 0.1.0)
    websocket-extensions (0.1.2)
    xray (1.1)
    yard (0.8.7.6)
    zopfli-bin (0.2.0)
      mixlib-shellout

PLATFORMS
  java
  ruby

DEPENDENCIES
  activerecord-jdbc-adapter
  activerecord-jdbcmysql-adapter (~> 1.3.0)
  activerecord-jdbcpostgresql-adapter
  activerecord-jdbcsqlite3-adapter (~> 1.3.0)
  activerecord-session_store
  acts-as-taggable-on (~> 3.1)
  acts_as_tree
  annotate (>= 2.5.0)
  attr_encrypted
  awesome_print
  bahia
  better_errors
  binding_of_caller
  bitfields (~> 0.5)
  bixby-api_pool!
  bixby-auth
  bixby-common
  bootstrap-sass (~> 3.3)
  brakeman
  bullet
  byebug
  cane
  capistrano (~> 3.0)
  capistrano-bundler
  capistrano-friday
  capistrano-rails
  capistrano-rails-console
  chronic
  chronic_duration
  coffee-rails-source-maps
  coffee-script
  coffee-script-source
  continuum!
  coveralls
  database_cleaner
  delete_paranoid!
  did_you_mean
  em-hiredis
  exception_notification
  execjs
  factory_girl_rails
  faye-websocket
  font-awesome-rails
  git (~> 1.2.8)
  github-markdown
  haml
  haml_assets
  highline
  hiredis
  httpi
  immigrant
  json
  kaminari
  letter_opener
  listen (~> 2.0)
  logging
  logging-rails!
  lograge
  marco-polo
  micron!
  minitest
  mixlib-shellout
  mocha
  mock_redis
  mongoid (~> 4.0)
  multi_json
  mysql2
  newrelic-middleware
  newrelic-redis
  newrelic_moped
  newrelic_rpm
  oj
  parse-cron
  pg
  pony
  pretender
  pry
  pry-byebug
  pry-rails
  psych
  puma
  quiet_assets
  rack-health
  rails (~> 4.2)
  rake-hooks
  rb-fchange
  rb-fsevent
  rb-inotify
  redcarpet
  redis (~> 3.0)
  request_store
  responders (~> 2.0)
  resque
  resque-scheduler
  roadie (~> 3.0)
  roadie-rails (~> 1.0)
  rotp (~> 2.0)
  ruby-termios
  rvm1-capistrano3
  sass
  sass-rails
  scrypt
  secure_headers
  semver2
  sextant
  sidekiq
  simplecov
  simplecov-console!
  simplecov-html
  sinatra
  sprockets-jst-str
  sprockets-rails
  sqlite3
  sshkey
  terminal-table
  test_guard!
  therubyracer
  therubyrhino
  twilio-ruby
  uglifier
  webmock
  xray
  yard
  zopfli-bin

BUNDLED WITH
   1.10.5
