GIT
  remote: git://github.com/chetan/activemodel-globalid.git
  revision: 9a014e626c3df9e6e911f4f7567ff8c22848fbd0
  branch: proper_railtie_namespace
  specs:
    activemodel-globalid (0.1.0)
      activemodel (>= 4.1.0)
      activesupport (>= 4.1.0)

GIT
  remote: git://github.com/chetan/api_auth.git
  revision: ddb73695efba631fdebe310f6710c0badc2b7be9
  branch: bixby
  specs:
    api-auth (1.0.3)

GIT
  remote: git://github.com/chetan/bixby-api_pool.git
  revision: fab3cb1a397d0f456968ad30a8bc265beca8f78d
  specs:
    bixby-api_pool (0.1.1)
      actionpool (~> 0.2)
      ethon (~> 0.7)

GIT
  remote: git://github.com/chetan/continuum.git
  revision: 1b4a491c3e6233da6d19199e6c958ef267793533
  specs:
    continuum (0.2)
      multi_json
      rake

GIT
  remote: git://github.com/chetan/micron.git
  revision: 0c1e9c0b9d9e052805f43485fe3454cbd25913c5
  specs:
    micron (0.5.1)
      ansi
      easycov
      hitimes

GIT
  remote: git://github.com/michaeldv/awesome_print.git
  revision: f36e788584801aa528a284693b54faeee4467a6d
  specs:
    awesome_print (1.2.0)

GIT
  remote: git://github.com/red5studios/newrelic-curb.git
  revision: c842132efc2157cb58b9ea252ca688ccfe7147fb
  specs:
    newrelic-curb (0.0.6)
      curb
      newrelic_rpm

GIT
  remote: git://github.com/socialcast/delete_paranoid.git
  revision: f882d4062ab51d520f8c63bbfac5ef02ad869cce
  specs:
    delete_paranoid (2.0.0)
      activerecord

GIT
  remote: https://github.com/chetan/logging-rails.git
  revision: abffe13dd89df6ea0216c1e2729500a205697a3a
  branch: bixby
  specs:
    logging-rails (0.4.0)
      logging (~> 1.8)

GIT
  remote: https://github.com/chetan/simplecov-console.git
  revision: a72e58b312eb53e1dc9d322ff16f5043621660ca
  specs:
    simplecov-console (0.1.3)
      colorize
      hirb
      simplecov

GIT
  remote: https://github.com/chetan/simplecov-html.git
  revision: 6328490fbafcb873303b6dd1bb228867dacd03b6
  specs:
    simplecov-html (0.7.1)

GIT
  remote: https://github.com/chetan/test_guard.git
  revision: 178e47e2e57dc83060d6cabc18f206916b9d02f2
  specs:
    test_guard (0.2.1)
      awesome_print
      easycov
      growl
      listen
      simplecov
      simplecov-console

GEM
  remote: https://rubygems.org/
  specs:
    actionmailer (4.1.5)
      actionpack (= 4.1.5)
      actionview (= 4.1.5)
      mail (~> 2.5.4)
    actionpack (4.1.5)
      actionview (= 4.1.5)
      activesupport (= 4.1.5)
      rack (~> 1.5.2)
      rack-test (~> 0.6.2)
    actionpool (0.2.3)
      splib (~> 1.4)
    actionview (4.1.5)
      activesupport (= 4.1.5)
      builder (~> 3.1)
      erubis (~> 2.7.0)
    activemodel (4.1.5)
      activesupport (= 4.1.5)
      builder (~> 3.1)
    activerecord (4.1.5)
      activemodel (= 4.1.5)
      activesupport (= 4.1.5)
      arel (~> 5.0.0)
    activerecord-jdbc-adapter (1.3.8)
      activerecord (>= 2.2)
    activerecord-jdbcmysql-adapter (1.3.8)
      activerecord-jdbc-adapter (~> 1.3.8)
      jdbc-mysql (>= 5.1.22)
    activerecord-jdbcpostgresql-adapter (1.3.8)
      activerecord-jdbc-adapter (~> 1.3.8)
      jdbc-postgres (>= 9.1)
    activerecord-jdbcsqlite3-adapter (1.3.8)
      activerecord-jdbc-adapter (~> 1.3.8)
      jdbc-sqlite3 (~> 3.7.2)
    activerecord-session_store (0.1.0)
      actionpack (>= 4.0.0, < 5)
      activerecord (>= 4.0.0, < 5)
      railties (>= 4.0.0, < 5)
    activesupport (4.1.5)
      i18n (~> 0.6, >= 0.6.9)
      json (~> 1.7, >= 1.7.7)
      minitest (~> 5.1)
      thread_safe (~> 0.1)
      tzinfo (~> 1.1)
    acts-as-taggable-on (3.1.1)
      actionpack (>= 3, < 5)
      activerecord (>= 3, < 5)
      activesupport (>= 3, < 5)
    acts_as_tree (1.6.1)
      activerecord (>= 3.0.0)
    addressable (2.3.6)
    annotate (2.6.5)
      activerecord (>= 2.3.0)
      rake (>= 0.8.7)
    ansi (1.4.3)
    arel (5.0.1.20140414130214)
    attr_encrypted (1.3.2)
      encryptor (>= 1.3.0)
    bahia (0.7.2)
      open4 (~> 1.3.0)
    better_errors (1.1.0)
      coderay (>= 1.0.0)
      erubis (>= 2.6.6)
    binding_of_caller (0.7.2)
      debug_inspector (>= 0.0.1)
    bixby-common (0.4.12)
      api-auth
      faye-websocket
      httpi
      logging
      multi_json
      semver2
    bootstrap-sass (3.1.1.1)
      sass (~> 3.2)
    brakeman (2.6.0)
      erubis (~> 2.6)
      fastercsv (~> 1.5)
      haml (>= 3.0, < 5.0)
      highline (~> 1.6.20)
      multi_json (~> 1.2)
      ruby2ruby (~> 2.0.5)
      ruby_parser (~> 3.5.0)
      sass (~> 3.0)
      slim (>= 1.3.6, < 3.0)
      terminal-table (~> 1.4)
    bson (2.3.0)
    bson (2.3.0-java)
    builder (3.2.2)
    bullet (4.11.3)
      activesupport (>= 3.0.0)
      uniform_notifier (>= 1.6.0)
    byebug (2.7.0)
      columnize (~> 0.3)
      debugger-linecache (~> 1.2)
    cane (2.6.2)
      parallel
    capistrano (2.15.5)
      highline
      net-scp (>= 1.0.0)
      net-sftp (>= 2.0.0)
      net-ssh (>= 2.0.14)
      net-ssh-gateway (>= 1.1.0)
    celluloid (0.15.2)
      timers (~> 1.1.0)
    coderay (1.1.0)
    coffee-rails-source-maps (1.4.0)
      coffee-script-source (>= 1.6.1)
    coffee-script (2.2.0)
      coffee-script-source
      execjs
    coffee-script-source (1.7.0)
    colorize (0.7.3)
    columnize (0.8.9)
    connection_pool (2.0.0)
    coveralls (0.7.0)
      multi_json (~> 1.3)
      rest-client
      simplecov (>= 0.7)
      term-ansicolor
      thor
    crack (0.4.2)
      safe_yaml (~> 1.0.0)
    curb (0.8.5)
    database_cleaner (1.0.1)
    debug_inspector (0.0.2)
    debugger-linecache (1.2.0)
    easycov (0.4.0)
      multi_json
      simplecov
      simplecov-console
      simplecov-html
    em-hiredis (0.3.0)
      eventmachine (~> 1.0)
      hiredis (~> 0.5.0)
    encryptor (1.3.0)
    erubis (2.7.0)
    ethon (0.7.1)
      ffi (>= 1.3.0)
    eventmachine (1.0.3)
    eventmachine (1.0.3-java)
    exception_notification (4.0.1)
      actionmailer (>= 3.0.4)
      activesupport (>= 3.0.4)
    execjs (2.2.1)
    factory_girl (4.4.0)
      activesupport (>= 3.0.0)
    factory_girl_rails (4.4.1)
      factory_girl (~> 4.4.0)
      railties (>= 3.0.0)
    fastercsv (1.5.5)
    faye-websocket (0.7.3)
      eventmachine (>= 0.12.0)
      websocket-driver (>= 0.3.1)
    ffi (1.9.3)
    ffi (1.9.3-java)
    ffi-compiler (0.1.3)
      ffi (>= 1.0.0)
      rake
    font-awesome-rails (4.1.0.0)
      railties (>= 3.2, < 5.0)
    foreigner (1.6.1)
      activerecord (>= 3.0.0)
    git (1.2.5)
    growl (1.0.3)
    haml (4.0.5)
      tilt
    haml_assets (0.2.2)
      haml
      tilt
    highline (1.6.21)
    hike (1.2.3)
    hirb (0.7.2)
    hiredis (0.5.2)
    hiredis (0.5.2-java)
    hitimes (1.2.1)
    hitimes (1.2.1-java)
    httpi (2.2.4)
      rack
    i18n (0.6.11)
    immigrant (0.1.8)
      activerecord (>= 3.0)
      foreigner (>= 1.2.1)
    jdbc-mysql (5.1.30)
    jdbc-postgres (9.3.1101)
    jdbc-sqlite3 (3.7.2.1)
    json (1.8.1)
    json (1.8.1-java)
    jwt (1.0.0)
    launchy (2.4.2)
      addressable (~> 2.3)
    launchy (2.4.2-java)
      addressable (~> 2.3)
      spoon (~> 0.0.1)
    letter_opener (1.2.0)
      launchy (~> 2.2)
    libv8 (3.16.14.3)
    listen (2.7.9)
      celluloid (>= 0.15.2)
      rb-fsevent (>= 0.9.3)
      rb-inotify (>= 0.9)
    little-plugger (1.1.3)
    logging (1.8.2)
      little-plugger (>= 1.1.3)
      multi_json (>= 1.8.4)
    lograge (0.3.0)
      actionpack (>= 3)
      activesupport (>= 3)
      railties (>= 3)
    mail (2.5.4)
      mime-types (~> 1.16)
      treetop (~> 1.4.8)
    marco-polo (1.2.1)
    metaclass (0.0.4)
    method_source (0.8.2)
    mime-types (1.25.1)
    minitest (5.4.0)
    mixlib-shellout (1.4.0)
    mocha (1.1.0)
      metaclass (~> 0.0.1)
    mock_redis (0.13.2)
    mongoid (4.0.0)
      activemodel (~> 4.0)
      moped (~> 2.0.0)
      origin (~> 2.1)
      tzinfo (>= 0.3.37)
    mono_logger (1.1.0)
    moped (2.0.0)
      bson (~> 2.2)
      connection_pool (~> 2.0)
      optionable (~> 0.2.0)
    multi_json (1.10.1)
    mysql2 (0.3.16)
    net-scp (1.2.1)
      net-ssh (>= 2.6.5)
    net-sftp (2.1.2)
      net-ssh (>= 2.6.5)
    net-ssh (2.9.1)
    net-ssh-gateway (1.2.0)
      net-ssh (>= 2.6.5)
    newrelic-middleware (1.1.0)
      newrelic_rpm
    newrelic-redis (1.4.0)
      newrelic_rpm (~> 3.0)
      redis (< 4.0)
    newrelic_moped (0.0.11)
      moped
      newrelic_rpm (~> 3.0, >= 3.7)
    newrelic_rpm (3.9.0.229)
    oj (2.9.8)
    open4 (1.3.4)
    optionable (0.2.0)
    origin (2.1.1)
    parallel (1.0.0)
    pg (0.17.1)
    polyglot (0.3.5)
    pony (1.9)
      mail (>= 2.0)
    pretender (0.1.0)
    pry (0.10.0)
      coderay (~> 1.1.0)
      method_source (~> 0.8.1)
      slop (~> 3.4)
    pry (0.10.0-java)
      coderay (~> 1.1.0)
      method_source (~> 0.8.1)
      slop (~> 3.4)
      spoon (~> 0.0)
    pry-byebug (1.3.3)
      byebug (~> 2.7)
      pry (~> 0.10)
    pry-rails (0.3.2)
      pry (>= 0.9.10)
    psych (2.0.5)
    puma (2.8.2)
      rack (>= 1.1, < 2.0)
    puma (2.8.2-java)
      rack (>= 1.1, < 2.0)
    quiet_assets (1.0.3)
      railties (>= 3.1, < 5.0)
    rack (1.5.2)
    rack-health (0.1.2)
      rack (>= 1.2.0)
    rack-protection (1.5.3)
      rack
    rack-test (0.6.2)
      rack (>= 1.0)
    rails (4.1.5)
      actionmailer (= 4.1.5)
      actionpack (= 4.1.5)
      actionview (= 4.1.5)
      activemodel (= 4.1.5)
      activerecord (= 4.1.5)
      activesupport (= 4.1.5)
      bundler (>= 1.3.0, < 2.0)
      railties (= 4.1.5)
      sprockets-rails (~> 2.0)
    railties (4.1.5)
      actionpack (= 4.1.5)
      activesupport (= 4.1.5)
      rake (>= 0.8.7)
      thor (>= 0.18.1, < 2.0)
    rake (10.3.2)
    rake-hooks (1.2.3)
      rake
    rb-fchange (0.0.6)
      ffi
    rb-fsevent (0.9.4)
    rb-inotify (0.9.5)
      ffi (>= 0.5.0)
    redcarpet (3.1.2)
    redis (3.1.0)
    redis-namespace (1.5.0)
      redis (~> 3.0, >= 3.0.4)
    ref (1.0.5)
    request_store (1.0.6)
    resque (1.25.2)
      mono_logger (~> 1.0)
      multi_json (~> 1.0)
      redis-namespace (~> 1.3)
      sinatra (>= 0.9.2)
      vegas (~> 0.1.2)
    resque-scheduler (3.0.0)
      mono_logger (~> 1.0)
      redis (~> 3.0)
      resque (~> 1.25)
      rufus-scheduler (~> 2.0)
    rest-client (1.6.7)
      mime-types (>= 1.16)
    rotp (2.0.0)
    ruby-termios (0.9.6)
    ruby2ruby (2.0.8)
      ruby_parser (~> 3.1)
      sexp_processor (~> 4.0)
    ruby_parser (3.5.0)
      sexp_processor (~> 4.1)
    rubyntlm (0.4.0)
    rufus-scheduler (2.0.24)
      tzinfo (>= 0.3.22)
    rvm-capistrano (1.5.3)
      capistrano (~> 2.15.4)
    safe_yaml (1.0.3)
    sass (3.2.19)
    sass-rails (4.0.3)
      railties (>= 4.0.0, < 5.0)
      sass (~> 3.2.0)
      sprockets (~> 2.8, <= 2.11.0)
      sprockets-rails (~> 2.0)
    scrypt (1.2.1)
      ffi-compiler (>= 0.0.2)
      rake
    secure_headers (1.2.0)
    semver2 (3.3.3)
    sexp_processor (4.4.3)
    sextant (0.2.4)
      rails (>= 3.2)
    sidekiq (2.17.7)
      celluloid (>= 0.15.2)
      connection_pool (>= 1.0.0)
      json
      redis (>= 3.0.6)
      redis-namespace (>= 1.3.1)
    simplecov (0.7.1)
      multi_json (~> 1.0)
      simplecov-html (~> 0.7.1)
    sinatra (1.4.5)
      rack (~> 1.4)
      rack-protection (~> 1.4)
      tilt (~> 1.3, >= 1.3.4)
    slim (1.3.9)
      temple (~> 0.6.3)
      tilt (~> 1.3, >= 1.3.3)
    slop (3.5.0)
    splib (1.4.3)
    spoon (0.0.4)
      ffi
    sprockets (2.11.0)
      hike (~> 1.2)
      multi_json (~> 1.0)
      rack (~> 1.0)
      tilt (~> 1.1, != 1.3.0)
    sprockets-font_compressor (1.1.3)
      rails (~> 4.0)
      rake-hooks
    sprockets-jst-str (1.0.0)
      sprockets (>= 2.0.3)
      tilt (>= 1.3.3)
    sprockets-rails (2.1.3)
      actionpack (>= 3.0)
      activesupport (>= 3.0)
      sprockets (~> 2.8)
    sqlite3 (1.3.9)
    sshkey (1.6.1)
    temple (0.6.7)
    term-ansicolor (1.3.0)
      tins (~> 1.0)
    terminal-table (1.4.5)
    therubyracer (0.12.1)
      libv8 (~> 3.16.14.0)
      ref
    therubyrhino (2.0.3)
      therubyrhino_jar (>= 1.7.3)
    therubyrhino_jar (1.7.4)
    thor (0.19.1)
    thread_safe (0.3.4)
    thread_safe (0.3.4-java)
    tilt (1.4.1)
    timers (1.1.0)
    tins (1.3.0)
    treetop (1.4.15)
      polyglot
      polyglot (>= 0.3.1)
    twilio-ruby (3.11.5)
      builder (>= 2.1.2)
      jwt (>= 0.1.2)
      multi_json (>= 1.3.0)
    tzinfo (1.2.2)
      thread_safe (~> 0.1)
    uglifier (2.5.1)
      execjs (>= 0.3.0)
      json (>= 1.8.0)
    uniform_notifier (1.6.2)
    vegas (0.1.11)
      rack (>= 1.0.0)
    webmock (1.18.0)
      addressable (>= 2.3.6)
      crack (>= 0.3.2)
    websocket-driver (0.3.3)
    websocket-driver (0.3.3-java)
    xray (1.1)
    yard (0.8.7.4)

PLATFORMS
  java
  ruby

DEPENDENCIES
  activemodel-globalid!
  activerecord-jdbc-adapter
  activerecord-jdbcmysql-adapter (~> 1.3.0)
  activerecord-jdbcpostgresql-adapter
  activerecord-jdbcsqlite3-adapter (~> 1.3.0)
  activerecord-session_store
  acts-as-taggable-on (~> 3.1.0)
  acts_as_tree
  annotate (>= 2.5.0)
  api-auth!
  attr_encrypted
  awesome_print!
  bahia
  better_errors
  binding_of_caller
  bixby-api_pool!
  bixby-common
  bootstrap-sass (~> 3.1.1)
  brakeman
  bullet
  byebug
  cane
  capistrano (~> 2.0)
  coffee-rails-source-maps
  coffee-script
  coffee-script-source
  continuum!
  coveralls
  curb (~> 0.8)
  database_cleaner (= 1.0.1)
  delete_paranoid!
  em-hiredis
  exception_notification
  execjs
  factory_girl_rails
  faye-websocket
  font-awesome-rails
  foreigner
  git (= 1.2.5)
  haml
  haml_assets
  highline
  hiredis
  immigrant
  json
  letter_opener
  listen (~> 2.0)
  logging
  logging-rails!
  lograge
  marco-polo
  micron!
  minitest
  mixlib-shellout
  mocha
  mock_redis
  mongoid (~> 4.0)
  multi_json
  mysql2
  newrelic-curb!
  newrelic-middleware
  newrelic-redis
  newrelic_moped
  newrelic_rpm
  oj
  pg
  pony
  pretender
  pry
  pry-byebug
  pry-rails
  psych
  puma
  quiet_assets
  rack-health
  rails (~> 4.1)
  rake-hooks
  rb-fchange
  rb-fsevent
  rb-inotify
  redcarpet
  redis (~> 3.0)
  request_store
  resque
  resque-scheduler
  rotp (~> 2.0)
  ruby-termios
  rubyntlm
  rvm-capistrano
  sass
  sass-rails (~> 4.0.2)
  scrypt
  secure_headers
  semver2
  sextant
  sidekiq (~> 2.9)
  simplecov
  simplecov-console!
  simplecov-html!
  sinatra (>= 1.3.0)
  slim (~> 1.3.0)
  sprockets-font_compressor
  sprockets-jst-str
  sprockets-rails
  sqlite3
  sshkey
  terminal-table
  test_guard!
  therubyracer
  therubyrhino
  twilio-ruby
  uglifier
  webmock
  xray
  yard
