GIT
  remote: git://github.com/chetan/api_auth.git
  revision: 86a79ca157402bd1c12d683a6b9948564b493443
  branch: bixby
  specs:
    api-auth (1.0.3)

GIT
  remote: git://github.com/chetan/micron.git
  revision: 466a8b5a4fffc1603f6ec355c516d6e16235e5e9
  specs:
    micron (0.1.0)
      colorize
      easycov
      hitimes

GIT
  remote: git://github.com/chetan/spork-micron.git
  revision: 07860874a05c2b30a1482a523e3397ced574a790
  specs:
    spork-micron (0.1.0)
      micron

GIT
  remote: git://github.com/mongoid/mongoid.git
  revision: f4be91d037fd9048872f847a71286f9512aa862a
  specs:
    mongoid (4.0.0)
      activemodel (~> 4.0.0)
      moped (~> 1.5)
      origin (~> 1.0)
      tzinfo (~> 0.3.22)

GIT
  remote: git://github.com/red5studios/newrelic-curb.git
  revision: 5dd1beffb54d43841c1f6676ffae14212b9fedfa
  specs:
    newrelic-curb (0.0.3)
      curb
      newrelic_rpm

GIT
  remote: https://github.com/chetan/continuum.git
  revision: 68543676419ae1929beab823aeeb78c82e21c257
  specs:
    continuum (0.2)
      multi_json
      rake

GIT
  remote: https://github.com/chetan/logging-rails.git
  revision: abffe13dd89df6ea0216c1e2729500a205697a3a
  branch: bixby
  specs:
    logging-rails (0.4.0)
      logging (~> 1.8)

GIT
  remote: https://github.com/chetan/simplecov-console.git
  revision: c34fc45134e98d5df1f677b5dd71f3ff0e3b186f
  specs:
    simplecov-console (0.1.1)
      colorize
      hirb
      simplecov

GIT
  remote: https://github.com/chetan/simplecov-html.git
  revision: 6328490fbafcb873303b6dd1bb228867dacd03b6
  specs:
    simplecov-html (0.7.1)

GIT
  remote: https://github.com/chetan/test_guard.git
  revision: 9c2fdd4ba874d8593ad4d70c0f2dd6b141061fed
  specs:
    test_guard (0.2.1)
      awesome_print
      easycov
      growl
      listen
      simplecov
      simplecov-console

GIT
  remote: https://github.com/sporkrb/spork-rails.git
  revision: 3224f84d8c31fcb0894e9a43f6c3ac67e3aa0d71
  specs:
    spork-rails (3.2.1)
      rails (>= 3.0.0, < 5)
      spork (>= 1.0rc0)

GIT
  remote: https://github.com/sporkrb/spork.git
  revision: 38ab44f0968c23509912680a04f903fe4ad5c068
  specs:
    spork (1.0.0rc3)

GEM
  remote: https://rubygems.org/
  specs:
    actionmailer (4.0.0)
      actionpack (= 4.0.0)
      mail (~> 2.5.3)
    actionpack (4.0.0)
      activesupport (= 4.0.0)
      builder (~> 3.1.0)
      erubis (~> 2.7.0)
      rack (~> 1.5.2)
      rack-test (~> 0.6.2)
    activemodel (4.0.0)
      activesupport (= 4.0.0)
      builder (~> 3.1.0)
    activerecord (4.0.0)
      activemodel (= 4.0.0)
      activerecord-deprecated_finders (~> 1.0.2)
      activesupport (= 4.0.0)
      arel (~> 4.0.0)
    activerecord-deprecated_finders (1.0.3)
    activerecord-jdbc-adapter (1.3.0)
      activerecord (>= 2.2)
    activerecord-jdbcmysql-adapter (1.3.0)
      activerecord-jdbc-adapter (~> 1.3.0)
      jdbc-mysql (~> 5.1.0)
    activerecord-jdbcpostgresql-adapter (1.3.0)
      activerecord-jdbc-adapter (~> 1.3.0)
      jdbc-postgres (>= 9.1, < 9.3)
    activerecord-jdbcsqlite3-adapter (1.3.0)
      activerecord-jdbc-adapter (~> 1.3.0)
      jdbc-sqlite3 (~> 3.7.2)
    activerecord-session_store (0.0.1)
      actionpack (>= 4.0.0.beta, < 5)
      activerecord (>= 4.0.0.beta, < 5)
      railties (>= 4.0.0.beta, < 5)
    activesupport (4.0.0)
      i18n (~> 0.6, >= 0.6.4)
      minitest (~> 4.2)
      multi_json (~> 1.3)
      thread_safe (~> 0.1)
      tzinfo (~> 0.3.37)
    acts-as-taggable-on (2.4.1)
      rails (>= 3, < 5)
    acts_as_tree (1.4.0)
      activerecord (>= 3.0.0)
    addressable (2.3.5)
    annotate (2.5.0)
      rake
    arel (4.0.0)
    atomic (1.1.13)
    atomic (1.1.13-java)
    authlogic (3.3.0)
      activerecord (>= 3.2)
      activesupport (>= 3.2)
    awesome_print (1.2.0)
    bahia (0.7.2)
      open4 (~> 1.3.0)
    better_errors (0.9.0)
      coderay (>= 1.0.0)
      erubis (>= 2.6.6)
    binding_of_caller (0.7.2)
      debug_inspector (>= 0.0.1)
    bixby-common (0.4.6)
      api-auth
      faye-websocket
      httpi
      logging
      multi_json
      semver2
    brwsr (1.1.1)
    builder (3.1.4)
    cane (2.6.0)
      parallel
    capistrano (2.15.5)
      highline
      net-scp (>= 1.0.0)
      net-sftp (>= 2.0.0)
      net-ssh (>= 2.0.14)
      net-ssh-gateway (>= 1.1.0)
    celluloid (0.14.1)
      timers (>= 1.0.0)
    coderay (1.0.9)
    coffee-rails-source-maps (1.3.6)
      coffee-script-source (>= 1.6.1)
    coffee-script (2.2.0)
      coffee-script-source
      execjs
    coffee-script-source (1.6.3)
    colorize (0.6.0)
    columnize (0.3.6)
    connection_pool (1.1.0)
    crack (0.4.1)
      safe_yaml (~> 0.9.0)
    curb (0.8.4)
    curb_threadpool (0.6.0)
      curb
    database_cleaner (1.0.1)
    debug_inspector (0.0.2)
    debugger (1.6.1)
      columnize (>= 0.3.1)
      debugger-linecache (~> 1.2.0)
      debugger-ruby_core_source (~> 1.2.3)
    debugger-linecache (1.2.0)
    debugger-pry (0.1.1)
      debugger (~> 1)
      pry (>= 0.9.9)
    debugger-ruby_core_source (1.2.3)
    delete_paranoid (1.0.5)
      activerecord
    easycov (0.2.0)
      multi_json
      simplecov
    em-hiredis (0.2.1)
      hiredis (~> 0.4.0)
    erubis (2.7.0)
    eventmachine (1.0.3)
    eventmachine (1.0.3-java)
    exception_notification (4.0.0)
      actionmailer (>= 3.0.4)
      activesupport (>= 3.0.4)
    execjs (1.4.0)
      multi_json (~> 1.0)
    factory_girl (4.2.0)
      activesupport (>= 3.0.0)
    factory_girl_rails (4.2.1)
      factory_girl (~> 4.2.0)
      railties (>= 3.0.0)
    faye-websocket (0.6.3)
      eventmachine (>= 0.12.0)
      websocket-driver (>= 0.2.0)
    ffi (1.9.0)
    ffi (1.9.0-java)
    ffi-compiler (0.1.3)
      ffi (>= 1.0.0)
      rake
    font-awesome-rails (3.2.1.3)
      railties (>= 3.2, < 5.0)
    foreigner (1.4.2)
      activerecord (>= 3.0.0)
    git (1.2.5)
    growl (1.0.3)
    haml (4.0.3)
      tilt
    haml_assets (0.2.2)
      haml
      tilt
    highline (1.6.19)
    hike (1.2.3)
    hirb (0.7.1)
    hiredis (0.4.5)
    hiredis (0.4.5-java)
    hitimes (1.2.1)
    hitimes (1.2.1-java)
    httpclient (2.3.4.1)
    httpi (2.1.0)
      rack
      rubyntlm (~> 0.3.2)
    i18n (0.6.5)
    immigrant (0.1.5)
      activerecord (>= 3.0)
      foreigner (>= 1.2.1)
    jdbc-mysql (5.1.25)
    jdbc-postgres (9.2.1002.1)
    jdbc-sqlite3 (3.7.2.1)
    json (1.8.0)
    json (1.8.0-java)
    jwt (0.1.8)
      multi_json (>= 1.5)
    kgio (2.8.0)
    launchy (2.3.0)
      addressable (~> 2.3)
    letter_opener (1.1.2)
      launchy (~> 2.2)
    libv8 (3.11.8.17)
    listen (1.3.1)
      rb-fsevent (>= 0.9.3)
      rb-inotify (>= 0.9)
      rb-kqueue (>= 0.2)
    little-plugger (1.1.3)
    logging (1.8.1)
      little-plugger (>= 1.1.3)
      multi_json (>= 1.3.6)
    lograge (0.2.0)
      actionpack
      activesupport
    mail (2.5.4)
      mime-types (~> 1.16)
      treetop (~> 1.4.8)
    metaclass (0.0.1)
    method_source (0.8.2)
    mime-types (1.24)
    minitest (4.7.5)
    mixlib-shellout (1.2.0)
    mocha (0.14.0)
      metaclass (~> 0.0.1)
    mock_redis (0.9.0)
    mono_logger (1.1.0)
    moped (1.5.1)
    multi_json (1.8.0)
    mysql2 (0.3.13)
    net-scp (1.1.2)
      net-ssh (>= 2.6.5)
    net-sftp (2.1.2)
      net-ssh (>= 2.6.5)
    net-ssh (2.6.8)
    net-ssh-gateway (1.2.0)
      net-ssh (>= 2.6.5)
    newrelic-middleware (1.1.0)
      newrelic_rpm
    newrelic-redis (1.4.0)
      newrelic_rpm (~> 3.0)
      redis (< 4.0)
    newrelic_moped (0.0.6)
      moped
      newrelic_rpm (~> 3.6.0)
    newrelic_rpm (3.6.6.147)
    oj (2.1.4)
    open4 (1.3.0)
    origin (1.1.0)
    parallel (0.7.1)
    pg (0.16.0)
    polyglot (0.3.3)
    pony (1.5)
      mail (> 2.0)
    pry (0.9.12.2)
      coderay (~> 1.0.5)
      method_source (~> 0.8)
      slop (~> 3.4)
    pry (0.9.12.2-java)
      coderay (~> 1.0.5)
      method_source (~> 0.8)
      slop (~> 3.4)
      spoon (~> 0.0)
    pry-rails (0.3.2)
      pry (>= 0.9.10)
    puma (2.5.1)
      rack (>= 1.1, < 2.0)
    puma (2.5.1-java)
      rack (>= 1.1, < 2.0)
    quiet_assets (1.0.2)
      railties (>= 3.1, < 5.0)
    rack (1.5.2)
    rack-health (0.1.1)
      rack (>= 1.2.0)
    rack-protection (1.5.0)
      rack
    rack-test (0.6.2)
      rack (>= 1.0)
    rails (4.0.0)
      actionmailer (= 4.0.0)
      actionpack (= 4.0.0)
      activerecord (= 4.0.0)
      activesupport (= 4.0.0)
      bundler (>= 1.3.0, < 2.0)
      railties (= 4.0.0)
      sprockets-rails (~> 2.0.0)
    railties (4.0.0)
      actionpack (= 4.0.0)
      activesupport (= 4.0.0)
      rake (>= 0.8.7)
      thor (>= 0.18.1, < 2.0)
    raindrops (0.11.0)
    rake (10.1.0)
    rake-hooks (1.2.3)
      rake
    rb-fchange (0.0.6)
      ffi
    rb-fsevent (0.9.3)
    rb-inotify (0.9.2)
      ffi (>= 0.5.0)
    rb-kqueue (0.2.0)
      ffi (>= 0.5.0)
    redcarpet (3.0.0)
    redis (3.0.4)
    redis-namespace (1.3.1)
      redis (~> 3.0.0)
    ref (1.0.5)
    resque (1.24.1)
      mono_logger (~> 1.0)
      multi_json (~> 1.0)
      redis-namespace (~> 1.2)
      sinatra (>= 0.9.2)
      vegas (~> 0.1.2)
    resque-scheduler (2.0.1)
      redis (>= 2.0.1)
      resque (>= 1.20.0)
      rufus-scheduler
    rubyntlm (0.3.4)
    rufus-scheduler (2.0.23)
      tzinfo (>= 0.3.23)
    rvm-capistrano (1.4.4)
      capistrano (>= 2.15.4)
    safe_yaml (0.9.5)
    sass (3.2.10)
    sass-rails (4.0.0)
      railties (>= 4.0.0.beta, < 5.0)
      sass (>= 3.1.10)
      sprockets-rails (~> 2.0.0)
    scrypt (1.2.0)
      ffi-compiler (>= 0.0.2)
      rake
    secure_headers (1.0.0)
      brwsr (>= 1.1.1)
    semver2 (3.3.2)
    sextant (0.2.4)
      rails (>= 3.2)
    sidekiq (2.13.1)
      celluloid (>= 0.14.1)
      connection_pool (>= 1.0.0)
      json
      redis (>= 3.0)
      redis-namespace
    simplecov (0.7.1)
      multi_json (~> 1.0)
      simplecov-html (~> 0.7.1)
    sinatra (1.4.3)
      rack (~> 1.4)
      rack-protection (~> 1.4)
      tilt (~> 1.3, >= 1.3.4)
    slim (1.3.9)
      temple (~> 0.6.3)
      tilt (~> 1.3, >= 1.3.3)
    slop (3.4.6)
    spoon (0.0.4)
      ffi
    sprockets (2.10.0)
      hike (~> 1.2)
      multi_json (~> 1.0)
      rack (~> 1.0)
      tilt (~> 1.1, != 1.3.0)
    sprockets-font_compressor (1.1.0)
      rails (~> 4.0.0)
      rake-hooks
    sprockets-jst-str (1.0.0)
      sprockets (>= 2.0.3)
      tilt (>= 1.3.3)
    sprockets-rails (2.0.0)
      actionpack (>= 3.0)
      activesupport (>= 3.0)
      sprockets (~> 2.8)
    sqlite3 (1.3.7)
    sshkey (1.5.1)
    temple (0.6.6)
    terminal-table (1.4.5)
    therubyracer (0.11.4)
      libv8 (~> 3.11.8.12)
      ref
    therubyrhino (2.0.2)
      therubyrhino_jar (>= 1.7.3)
    therubyrhino_jar (1.7.4)
    thor (0.18.1)
    thread_safe (0.1.2)
      atomic
    thread_safe (0.1.2-java)
      atomic
    tilt (1.4.1)
    timers (1.1.0)
    treetop (1.4.14)
      polyglot
      polyglot (>= 0.3.1)
    twilio-ruby (3.10.1)
      builder (>= 2.1.2)
      jwt (>= 0.1.2)
      multi_json (>= 1.3.0)
    tzinfo (0.3.37)
    uglifier (2.1.2)
      execjs (>= 0.3.0)
      multi_json (~> 1.0, >= 1.0.2)
    unicorn (4.6.3)
      kgio (~> 2.6)
      rack
      raindrops (~> 0.7)
    vegas (0.1.11)
      rack (>= 1.0.0)
    webmock (1.13.0)
      addressable (>= 2.2.7)
      crack (>= 0.3.2)
    websocket-driver (0.2.3)
    websocket-driver (0.2.3-java)
    xray (1.1)
    yard (0.8.7)

PLATFORMS
  java
  ruby

DEPENDENCIES
  activerecord-jdbc-adapter (~> 1.3.0)
  activerecord-jdbcmysql-adapter (~> 1.3.0)
  activerecord-jdbcpostgresql-adapter (~> 1.3.0)
  activerecord-jdbcsqlite3-adapter (~> 1.3.0)
  activerecord-session_store
  acts-as-taggable-on
  acts_as_tree
  annotate (>= 2.5.0)
  api-auth!
  authlogic
  awesome_print
  bahia
  better_errors
  binding_of_caller
  bixby-common
  cane
  capistrano
  coffee-rails-source-maps
  coffee-script
  coffee-script-source
  continuum!
  curb
  curb_threadpool
  database_cleaner (= 1.0.1)
  debugger
  debugger-pry
  delete_paranoid
  em-hiredis
  exception_notification
  execjs
  factory_girl_rails
  faye-websocket
  font-awesome-rails
  foreigner
  git
  haml
  haml_assets
  highline
  hiredis
  httpclient
  immigrant
  json
  letter_opener
  logging
  logging-rails!
  lograge
  micron!
  minitest (~> 4.7)
  mixlib-shellout
  mocha
  mock_redis
  mongoid!
  multi_json
  mysql2
  newrelic-curb!
  newrelic-middleware
  newrelic-redis
  newrelic_moped
  newrelic_rpm
  oj
  pg
  pony
  pry
  pry-rails
  puma
  quiet_assets
  rack-health
  rails (= 4.0.0)
  rake-hooks
  rb-fchange
  rb-fsevent
  rb-inotify
  redcarpet
  redis (~> 3.0)
  resque
  resque-scheduler
  rvm-capistrano
  sass
  sass-rails
  scrypt
  secure_headers
  semver2
  sextant
  sidekiq (~> 2.9)
  simplecov
  simplecov-console!
  simplecov-html!
  sinatra
  slim (~> 1.3.0)
  spork!
  spork-micron!
  spork-rails!
  sprockets-font_compressor
  sprockets-jst-str
  sprockets-rails
  sqlite3
  sshkey
  terminal-table
  test_guard!
  therubyracer
  therubyrhino
  twilio-ruby
  uglifier
  unicorn
  webmock
  xray
  yard
