GIT
  remote: https://github.com/chetan/bixby-common.git
  revision: 12f17a058e8ca12b824bd0dacd95f14a26f7f23d
  specs:
    bixby-common (0.3.9)
      httpi
      logging
      multi_json

GIT
  remote: https://github.com/chetan/continuum.git
  revision: df0798cc23f4109009fb7f8452375cb27130385f
  specs:
    continuum (0.0.1)
      curb
      curb_threadpool
      multi_json
      rake

GIT
  remote: https://github.com/chetan/logging-rails.git
  revision: abffe13dd89df6ea0216c1e2729500a205697a3a
  branch: bixby
  specs:
    logging-rails (0.4.0)
      logging (~> 1.8)

GIT
  remote: https://github.com/chetan/simplecov-console.git
  revision: c34fc45134e98d5df1f677b5dd71f3ff0e3b186f
  specs:
    simplecov-console (0.1.1)
      colorize
      hirb
      simplecov

GIT
  remote: https://github.com/chetan/simplecov-html.git
  revision: 6328490fbafcb873303b6dd1bb228867dacd03b6
  specs:
    simplecov-html (0.7.1)

GIT
  remote: https://github.com/chetan/test_guard.git
  revision: ad59542db1fca57018dd771d19b1d636252e4c98
  specs:
    test_guard (0.2.0)
      awesome_print
      debugger
      debugger-pry
      growl
      guard
      simplecov
      simplecov-console
      single_test
      turn

GIT
  remote: https://github.com/loe/ruby-yui-compressor.git
  revision: 819f37720f2bed34fab4f4b5ab92d27c7c0f22ac
  specs:
    yui-compressor (0.9.6)
      POpen4 (>= 0.1.4)

GIT
  remote: https://github.com/sporkrb/spork-testunit.git
  revision: 8087255296d20dc8e2ff45d4e4c09b09d3078a8d
  specs:
    spork-testunit (0.0.8)
      spork (>= 0.8.0)

GIT
  remote: https://github.com/sporkrb/spork.git
  revision: 8ac98544869c3b4c5cf1f664b2d9281bb75c7e3e
  specs:
    spork (1.0.0rc3)

GEM
  remote: https://rubygems.org/
  specs:
    POpen4 (0.1.4)
      Platform (>= 0.4.0)
      open4
    Platform (0.4.0)
    actionmailer (3.2.13)
      actionpack (= 3.2.13)
      mail (~> 2.5.3)
    actionpack (3.2.13)
      activemodel (= 3.2.13)
      activesupport (= 3.2.13)
      builder (~> 3.0.0)
      erubis (~> 2.7.0)
      journey (~> 1.0.4)
      rack (~> 1.4.5)
      rack-cache (~> 1.2)
      rack-test (~> 0.6.1)
      sprockets (~> 2.2.1)
    activemodel (3.2.13)
      activesupport (= 3.2.13)
      builder (~> 3.0.0)
    activerecord (3.2.13)
      activemodel (= 3.2.13)
      activesupport (= 3.2.13)
      arel (~> 3.0.2)
      tzinfo (~> 0.3.29)
    activerecord-jdbc-adapter (1.2.9)
    activerecord-jdbcmysql-adapter (1.2.9)
      activerecord-jdbc-adapter (~> 1.2.9)
      jdbc-mysql (~> 5.1.0)
    activerecord-jdbcpostgresql-adapter (1.2.9)
      activerecord-jdbc-adapter (~> 1.2.9)
      jdbc-postgres (>= 9.1, < 9.3)
    activerecord-jdbcsqlite3-adapter (1.2.9)
      activerecord-jdbc-adapter (~> 1.2.9)
      jdbc-sqlite3 (~> 3.7.2)
    activeresource (3.2.13)
      activemodel (= 3.2.13)
      activesupport (= 3.2.13)
    activesupport (3.2.13)
      i18n (= 0.6.1)
      multi_json (~> 1.0)
    acts-as-taggable-on (2.3.3)
      rails (~> 3.0)
    acts_as_tree (1.3.0)
      activerecord (>= 3.0.0)
    addressable (2.3.3)
    annotate (2.5.0)
      rake
    ansi (1.4.3)
    api-auth (1.0.3)
    arel (3.0.2)
    authlogic (3.3.0)
      activerecord (>= 3.2)
      activesupport (>= 3.2)
    awesome_print (1.1.0)
    bahia (0.7.2)
      open4 (~> 1.3.0)
    better_errors (0.8.0)
      coderay (>= 1.0.0)
      erubis (>= 2.6.6)
    binding_of_caller (0.7.1)
      debug_inspector (>= 0.0.1)
    builder (3.0.4)
    cane (2.5.2)
      parallel
    capistrano (2.14.2)
      highline
      net-scp (>= 1.0.0)
      net-sftp (>= 2.0.0)
      net-ssh (>= 2.0.14)
      net-ssh-gateway (>= 1.1.0)
    celluloid (0.12.4)
      facter (>= 1.6.12)
      timers (>= 1.0.0)
    coderay (1.0.9)
    coffee-script (2.2.0)
      coffee-script-source
      execjs
    coffee-script-source (1.6.2)
    colorize (0.5.8)
    columnize (0.3.6)
    connection_pool (1.0.0)
    crack (0.3.2)
    curb (0.8.3)
    curb_threadpool (0.5.2)
    daemons (1.1.9)
    database_cleaner (0.9.1)
    debug_inspector (0.0.2)
    debugger (1.5.0)
      columnize (>= 0.3.1)
      debugger-linecache (~> 1.2.0)
      debugger-ruby_core_source (~> 1.2.0)
    debugger-linecache (1.2.0)
    debugger-pry (0.1.1)
      debugger (~> 1)
      pry (>= 0.9.9)
    debugger-ruby_core_source (1.2.0)
    delete_paranoid (1.0.5)
      activerecord
    erubis (2.7.0)
    eventmachine (1.0.3)
    exception_notification (3.0.1)
      actionmailer (>= 3.0.4)
    execjs (1.4.0)
      multi_json (~> 1.0)
    facter (1.6.18)
    factory_girl (4.2.0)
      activesupport (>= 3.0.0)
    factory_girl_rails (4.2.1)
      factory_girl (~> 4.2.0)
      railties (>= 3.0.0)
    ffi (1.6.0)
    ffi (1.6.0-java)
    foreigner (1.4.0)
      activerecord (>= 3.0.0)
    formatador (0.2.4)
    git (1.2.5)
    growl (1.0.3)
    guard (1.7.0)
      formatador (>= 0.2.4)
      listen (>= 0.6.0)
      lumberjack (>= 1.0.2)
      pry (>= 0.9.10)
      thor (>= 0.14.6)
    haml (4.0.2)
      tilt
    haml_assets (0.2.1)
      haml
      tilt
    highline (1.6.16)
    hike (1.2.1)
    hirb (0.7.1)
    hiredis (0.4.5)
    hiredis (0.4.5-java)
    httpclient (2.3.3)
    httpi (2.0.2)
      rack
    i18n (0.6.1)
    immigrant (0.1.4)
      activerecord (>= 3.0)
      foreigner (>= 1.2.1)
    jdbc-mysql (5.1.24)
    jdbc-postgres (9.2.1002.1)
    jdbc-sqlite3 (3.7.2.1)
    journey (1.0.4)
    jruby-memcached (0.5.3)
    json (1.7.7)
    json (1.7.7-java)
    jwt (0.1.8)
      multi_json (>= 1.5)
    kgio (2.8.0)
    launchy (2.2.0)
      addressable (~> 2.3)
    launchy (2.2.0-java)
      addressable (~> 2.3)
      spoon (~> 0.0.1)
    letter_opener (1.1.0)
      launchy (~> 2.2.0)
    linecache (0.46)
      rbx-require-relative (> 0.0.4)
    listen (0.7.3)
    little-plugger (1.1.3)
    logging (1.8.1)
      little-plugger (>= 1.1.3)
      multi_json (>= 1.3.6)
    lograge (0.2.0)
      actionpack
      activesupport
    lumberjack (1.0.3)
    mail (2.5.3)
      i18n (>= 0.4.0)
      mime-types (~> 1.16)
      treetop (~> 1.4.8)
    memcached (1.5.0)
    metaclass (0.0.1)
    method_source (0.8.1)
    mime-types (1.22)
    minitest (4.7.0)
    mocha (0.13.3)
      metaclass (~> 0.0.1)
    mock_redis (0.6.6)
    mono_logger (1.0.0)
    multi_json (1.7.2)
    mysql2 (0.3.11)
    net-scp (1.1.0)
      net-ssh (>= 2.6.5)
    net-sftp (2.1.1)
      net-ssh (>= 2.6.5)
    net-ssh (2.6.6)
    net-ssh-gateway (1.2.0)
      net-ssh (>= 2.6.5)
    newrelic-redis (1.4.0)
      newrelic_rpm (~> 3.0)
      redis (< 4.0)
    newrelic_rpm (3.6.0.78)
    oj (2.0.10)
    open4 (1.3.0)
    parallel (0.6.4)
    pg (0.15.0)
    polyglot (0.3.3)
    pony (1.4)
      mail (> 2.0)
    pry (0.9.12)
      coderay (~> 1.0.5)
      method_source (~> 0.8)
      slop (~> 3.4)
    pry (0.9.12-java)
      coderay (~> 1.0.5)
      method_source (~> 0.8)
      slop (~> 3.4)
      spoon (~> 0.0)
    pry-rails (0.2.2)
      pry (>= 0.9.10)
    quiet_assets (1.0.2)
      railties (>= 3.1, < 5.0)
    rack (1.4.5)
    rack-cache (1.2)
      rack (>= 0.4)
    rack-health (0.1.1)
      rack (>= 1.2.0)
    rack-protection (1.5.0)
      rack
    rack-ssl (1.3.3)
      rack
    rack-test (0.6.2)
      rack (>= 1.0)
    rails (3.2.13)
      actionmailer (= 3.2.13)
      actionpack (= 3.2.13)
      activerecord (= 3.2.13)
      activeresource (= 3.2.13)
      activesupport (= 3.2.13)
      bundler (~> 1.0)
      railties (= 3.2.13)
    railties (3.2.13)
      actionpack (= 3.2.13)
      activesupport (= 3.2.13)
      rack-ssl (~> 1.3.2)
      rake (>= 0.8.7)
      rdoc (~> 3.4)
      thor (>= 0.14.6, < 2.0)
    raindrops (0.10.0)
    rake (10.0.4)
    rake-hooks (1.2.3)
      rake
    rb-fchange (0.0.6)
      ffi
    rb-fsevent (0.9.3)
    rb-inotify (0.9.0)
      ffi (>= 0.5.0)
    rbx-require-relative (0.0.9)
    rcov (1.0.0)
    rcov_rails (0.3.1)
      rcov
    rdoc (3.12.2)
      json (~> 1.4)
    redcarpet (2.2.2)
    redis (3.0.3)
    redis-namespace (1.2.1)
      redis (~> 3.0.0)
    resque (1.24.1)
      mono_logger (~> 1.0)
      multi_json (~> 1.0)
      redis-namespace (~> 1.2)
      sinatra (>= 0.9.2)
      vegas (~> 0.1.2)
    resque-scheduler (2.0.1)
      redis (>= 2.0.1)
      resque (>= 1.20.0)
      rufus-scheduler
    rpm_contrib (2.1.11)
      newrelic_rpm (>= 3.1.1)
      newrelic_rpm (>= 3.1.1)
    ruby-debug (0.10.4)
      columnize (>= 0.1)
      ruby-debug-base (~> 0.10.4.0)
    ruby-debug-base (0.10.4)
      linecache (>= 0.3)
    rufus-scheduler (2.0.18)
      tzinfo (>= 0.3.23)
    rvm-capistrano (1.2.7)
      capistrano (>= 2.0.0)
    sass (3.2.7)
    sass-rails (3.2.6)
      railties (~> 3.2.0)
      sass (>= 3.1.10)
      tilt (~> 1.3)
    scrypt (1.1.0)
    sextant (0.2.3)
      activesupport (>= 3.2)
      rails (>= 3.2)
    sidekiq (2.9.0)
      celluloid (~> 0.12.0)
      connection_pool (~> 1.0)
      multi_json (~> 1)
      redis (~> 3)
      redis-namespace
    simplecov (0.7.1)
      multi_json (~> 1.0)
      simplecov-html (~> 0.7.1)
    sinatra (1.3.6)
      rack (~> 1.4)
      rack-protection (~> 1.3)
      tilt (~> 1.3, >= 1.3.3)
    single_test (0.5.2)
      rake (> 0.9)
    slim (1.3.6)
      temple (~> 0.5.5)
      tilt (~> 1.3.3)
    slop (3.4.4)
    spoon (0.0.3)
      ffi
    spork-rails (3.2.1)
      rails (>= 3.0.0, < 3.3.0)
      spork (>= 1.0rc0)
    sprockets (2.2.2)
      hike (~> 1.2)
      multi_json (~> 1.0)
      rack (~> 1.0)
      tilt (~> 1.1, != 1.3.0)
    sprockets-jst-str (1.0.0)
      sprockets (>= 2.0.3)
      tilt (>= 1.3.3)
    sqlite3 (1.3.7)
    temple (0.5.5)
    thin (1.5.1)
      daemons (>= 1.0.9)
      eventmachine (>= 0.12.6)
      rack (>= 1.0.0)
    thor (0.18.1)
    tilt (1.3.6)
    timers (1.1.0)
    treetop (1.4.12)
      polyglot
      polyglot (>= 0.3.1)
    turbo-sprockets-rails3 (0.3.6)
      railties (> 3.2.8, < 4.0.0)
      sprockets (>= 2.0.0)
    turn (0.9.6)
      ansi
    twilio-ruby (3.9.0)
      builder (>= 2.1.2)
      jwt (>= 0.1.2)
      multi_json (>= 1.3.0)
    tzinfo (0.3.37)
    uglifier (2.0.0)
      execjs (>= 0.3.0)
      multi_json (~> 1.0, >= 1.0.2)
    unicorn (4.6.2)
      kgio (~> 2.6)
      rack
      raindrops (~> 0.7)
    vegas (0.1.11)
      rack (>= 1.0.0)
    webmock (1.11.0)
      addressable (>= 2.2.7)
      crack (>= 0.3.2)
    xray (1.1)
    yard (0.8.5.2)
    zeus (0.13.3)
      method_source (>= 0.6.7)

PLATFORMS
  java
  ruby

DEPENDENCIES
  activerecord-jdbcmysql-adapter
  activerecord-jdbcpostgresql-adapter
  activerecord-jdbcsqlite3-adapter
  acts-as-taggable-on
  acts_as_tree
  annotate (>= 2.5.0)
  api-auth
  authlogic
  awesome_print
  bahia
  better_errors
  binding_of_caller
  bixby-common!
  cane
  capistrano
  coffee-script
  coffee-script-source
  continuum!
  curb
  curb_threadpool
  database_cleaner
  debugger
  debugger-pry
  delete_paranoid
  exception_notification
  factory_girl_rails
  foreigner
  git
  haml
  haml_assets
  hiredis
  httpclient
  immigrant
  jruby-memcached
  json
  letter_opener
  logging
  logging-rails!
  lograge
  memcached
  minitest
  mocha
  mock_redis
  multi_json
  mysql2
  newrelic-redis
  newrelic_rpm
  oj
  pg
  pony
  pry
  pry-rails
  quiet_assets
  rack-health
  rails (~> 3.2)
  rake-hooks
  rb-fchange
  rb-fsevent
  rb-inotify
  rcov
  rcov_rails
  redcarpet
  redis (~> 3.0)
  resque
  resque-scheduler
  rpm_contrib
  ruby-debug
  rvm-capistrano
  sass
  sass-rails
  scrypt
  sextant
  sidekiq (~> 2.9)
  simplecov
  simplecov-console!
  simplecov-html!
  sinatra
  slim
  spork!
  spork-rails
  spork-testunit!
  sprockets-jst-str
  sqlite3
  test_guard!
  thin
  turbo-sprockets-rails3
  turn
  twilio-ruby
  uglifier
  unicorn
  webmock
  xray
  yard
  yui-compressor!
  zeus
